GEM
  remote: http://rubygems.org/
  specs:
    addressable (2.3.4)
    crack (0.3.2)
    extensions (0.6.0)
    git (1.2.5)
    jeweler (1.8.4)
      bundler (~> 1.0)
      git (>= 1.2.5)
      rake
      rdoc
    json (1.7.7)
    rake (10.0.4)
    rdoc (4.0.1)
      json (~> 1.4)
    sif (0.1.0)
    thor (0.18.1)
    vcr (2.4.0)
    webmock (1.11.0)
      addressable (>= 2.2.7)
      crack (>= 0.3.2)

PLATFORMS
  ruby

DEPENDENCIES
  bundler
  extensions
  jeweler (~> 1.8.4)
  rake
  sif (~> 0.1.0)
  thor
  vcr
  webmock
